PATH
  remote: .
  specs:
    duckdb (0.0.1)

GEM
  remote: https://rubygems.org/
  specs:
    minitest (5.13.0)
    rake (10.5.0)
    rake-compiler (1.0.8)
      rake

PLATFORMS
  ruby

DEPENDENCIES
  bundler (~> 2.0)
  duckdb!
  minitest (~> 5.0)
  rake (~> 10.0)
  rake-compiler

BUNDLED WITH
   2.0.2
