PATH
  remote: .
  specs:
    duckdb (0.0.5)

GEM
  remote: https://rubygems.org/
  specs:
    minitest (5.13.0)
    rake (13.0.1)
    rake-compiler (1.1.0)
      rake

PLATFORMS
  ruby

DEPENDENCIES
  bundler (~> 2.0)
  duckdb!
  minitest (~> 5.0)
  rake (~> 13.0)
  rake-compiler

BUNDLED WITH
   2.1.4
