PATH
  remote: .
  specs:
    duckdb (0.0.12)

GEM
  remote: https://rubygems.org/
  specs:
    minitest (5.14.4)
    rake (13.0.3)
    rake-compiler (1.1.1)
      rake

PLATFORMS
  x86_64-linux

DEPENDENCIES
  bundler (~> 2.0)
  duckdb!
  minitest (~> 5.0)
  rake (~> 13.0)
  rake-compiler

BUNDLED WITH
   2.2.3
